GEM
  remote: https://rubygems.org/
  specs:
    fileutils (0.7.2)

PLATFORMS
  ruby

DEPENDENCIES
  fileutils (~> 0.7.2)

BUNDLED WITH
   2.0.2
